GIT
  remote: git://github.com/hotsh/lotus-i18n.git
  revision: 30f4c71ef913ad1570e6c5a2c9a7c22ceaf8c9ed
  specs:
    lotus-i18n (0.0.1)
      i18n

GIT
  remote: git://github.com/hotsh/lotus-mongodb.git
  revision: d05dd62fd1f9d72ebafb0139fa17f3c46722a70e
  specs:
    lotus-mongodb (0.0.1)
      bcrypt-ruby
      bson_ext
      mongo_mapper
      redcarpet
      rmagick

GIT
  remote: git://github.com/hotsh/lotus.git
  revision: d0b0dff6e8b1cc3fe88572bd4c7d54d7fc0f92f0
  specs:
    lotus (0.0.12)
      nokogiri
      ratom (~> 0.7.2)
      rsa
      ruby-hmac
      time-lord

GIT
  remote: git://github.com/hotsh/rack-lotus.git
  revision: 7439f502278fe1f7696f6e363888f12a183d7169
  specs:
    rack-lotus (0.0.1)
      bcrypt-ruby
      bson_ext
      haml
      mongo_mapper
      rmagick
      sinatra
      tilt

GIT
  remote: git://github.com/hotsh/redfinger.git
  revision: b73861b87c7d0bd8d3669c49134a5d416f5ac9f3
  specs:
    redfinger (0.1.1)
      hashie
      nokogiri (>= 1.4.0)
      rest-client (>= 1.5.0)

GIT
  remote: git://github.com/wilkie/propeller.git
  revision: d0d9811ab0763d2c314a893d1cde961b0be82b4c
  specs:
    propeller (0.0.1)
      git

GEM
  remote: https://rubygems.org/
  specs:
    activemodel (3.2.19)
      activesupport (= 3.2.19)
      builder (~> 3.0.0)
    activesupport (3.2.19)
      i18n (~> 0.6, >= 0.6.4)
      multi_json (~> 1.0)
    backports (3.6.0)
    bcrypt (3.1.7)
    bcrypt-ruby (3.1.5)
      bcrypt (>= 3.1.3)
    bson (1.10.2)
    bson_ext (1.10.2)
      bson (~> 1.10.2)
    builder (3.0.4)
    capybara (1.1.4)
      mime-types (>= 1.16)
      nokogiri (>= 1.3.3)
      rack (>= 1.0.0)
      rack-test (>= 0.5.4)
      selenium-webdriver (~> 2.0)
      xpath (~> 0.1.4)
    childprocess (0.5.3)
      ffi (~> 1.0, >= 1.0.11)
    daemons (1.1.9)
    database_cleaner (0.6.7)
    eventmachine (1.0.3)
    fabrication (1.2.0)
    ffi (1.9.3)
    git (1.2.8)
    haml (4.0.5)
      tilt
    hashie (3.2.0)
    i18n (0.6.11)
    libxml-ruby (2.3.3)
    mime-types (2.3)
    mini_portile (0.6.0)
    minitest (2.12.1)
    mongo (1.10.2)
      bson (= 1.10.2)
    mongo_mapper (0.13.0)
      activemodel (>= 3.0.0)
      activesupport (>= 3.0)
      mongo (~> 1.8)
      plucky (~> 0.6.5)
    multi_json (1.10.1)
    netrc (0.7.7)
    nokogiri (1.6.3.1)
      mini_portile (= 0.6.0)
    plucky (0.6.6)
      mongo (~> 1.5)
    rack (1.5.2)
    rack-protection (1.5.3)
      rack
    rack-test (0.6.2)
      rack (>= 1.0)
    ratom (0.7.2)
      libxml-ruby (~> 2.3.2)
    redcarpet (3.1.2)
    rest-client (1.7.2)
      mime-types (>= 1.16, < 3.0)
      netrc (~> 0.7)
    rmagick (2.13.3)
    rsa (0.1.4)
    ruby-hmac (0.4.0)
    rubyzip (1.1.6)
    selenium-webdriver (2.42.0)
      childprocess (>= 0.5.0)
      multi_json (~> 1.0)
      rubyzip (~> 1.0)
      websocket (~> 1.0.4)
    sinatra (1.4.5)
      rack (~> 1.4)
      rack-protection (~> 1.4)
      tilt (~> 1.3, >= 1.3.4)
    sinatra-contrib (1.4.2)
      backports (>= 2.0)
      multi_json
      rack-protection
      rack-test
      sinatra (~> 1.4.0)
      tilt (~> 1.3)
    thin (1.6.2)
      daemons (>= 1.0.9)
      eventmachine (>= 1.0.0)
      rack (>= 1.0.0)
    tilt (1.4.1)
    time-lord (1.0.1)
    websocket (1.0.7)
    xpath (0.1.4)
      nokogiri (~> 1.3)

PLATFORMS
  ruby

DEPENDENCIES
  bson_ext
  capybara (~> 1.1.2)
  database_cleaner (~> 0.6.7)
  fabrication (~> 1.2.0)
  lotus!
  lotus-i18n!
  lotus-mongodb!
  minitest (~> 2.12.1)
  mongo_mapper
  propeller!
  rack-lotus!
  rack-test (~> 0.6.1)
  redfinger!
  sinatra
  sinatra-contrib
  thin
