GIT
  remote: git://github.com/hotsh/lotus-i18n.git
  revision: 1c5ff0df601f66ff1552acab7a820a7dd188f8d7
  specs:
    lotus-i18n (0.0.1)
      i18n

GIT
  remote: git://github.com/hotsh/lotus-mongodb.git
  revision: cb2b14dd8880531f0767392cf12df756a8f983bb
  specs:
    lotus-mongodb (0.0.1)
      bcrypt-ruby
      bson_ext
      mongo_mapper
      redcarpet
      rmagick

GIT
  remote: git://github.com/hotsh/lotus.git
  revision: 4d80b1f034b8086250a55e6a34be83c4b098eec7
  specs:
    lotus (0.0.12)
      nokogiri
      ratom (~> 0.7.2)
      rsa
      ruby-hmac
      time-lord

GIT
  remote: git://github.com/hotsh/rack-lotus.git
  revision: 69020015e8de3f164d5a6a2b3a3433b217f402fa
  specs:
    rack-lotus (0.0.1)
      bcrypt-ruby
      bson_ext
      haml
      mongo_mapper
      rmagick
      sinatra
      tilt

GIT
  remote: git://github.com/hotsh/redfinger.git
  revision: b73861b87c7d0bd8d3669c49134a5d416f5ac9f3
  specs:
    redfinger (0.1.1)
      hashie
      nokogiri (>= 1.4.0)
      rest-client (>= 1.5.0)

GIT
  remote: git://github.com/wilkie/propeller.git
  revision: d0d9811ab0763d2c314a893d1cde961b0be82b4c
  specs:
    propeller (0.0.1)
      git

GEM
  remote: https://rubygems.org/
  specs:
    activemodel (3.2.15)
      activesupport (= 3.2.15)
      builder (~> 3.0.0)
    activesupport (3.2.15)
      i18n (~> 0.6, >= 0.6.4)
      multi_json (~> 1.0)
    backports (3.3.5)
    bcrypt-ruby (3.1.2)
    bson (1.9.2)
    bson_ext (1.9.2)
      bson (~> 1.9.2)
    builder (3.0.4)
    capybara (1.1.4)
      mime-types (>= 1.16)
      nokogiri (>= 1.3.3)
      rack (>= 1.0.0)
      rack-test (>= 0.5.4)
      selenium-webdriver (~> 2.0)
      xpath (~> 0.1.4)
    childprocess (0.3.9)
      ffi (~> 1.0, >= 1.0.11)
    daemons (1.1.9)
    database_cleaner (0.6.7)
    eventmachine (1.0.3)
    fabrication (1.2.0)
    ffi (1.9.0)
    git (1.2.6)
    haml (4.0.3)
      tilt
    hashie (2.0.5)
    i18n (0.6.5)
    libxml-ruby (2.3.3)
    mime-types (1.25)
    mini_portile (0.5.2)
    minitest (2.12.1)
    mongo (1.9.2)
      bson (~> 1.9.2)
    mongo_mapper (0.12.0)
      activemodel (~> 3.0)
      activesupport (~> 3.0)
      plucky (~> 0.5.2)
    multi_json (1.8.2)
    nokogiri (1.6.0)
      mini_portile (~> 0.5.0)
    plucky (0.5.2)
      mongo (~> 1.5)
    rack (1.5.2)
    rack-protection (1.5.1)
      rack
    rack-test (0.6.2)
      rack (>= 1.0)
    ratom (0.7.2)
      libxml-ruby (~> 2.3.2)
    redcarpet (3.0.0)
    rest-client (1.6.7)
      mime-types (>= 1.16)
    rmagick (2.13.2)
    rsa (0.1.4)
    ruby-hmac (0.4.0)
    rubyzip (1.0.0)
    selenium-webdriver (2.37.0)
      childprocess (>= 0.2.5)
      multi_json (~> 1.0)
      rubyzip (~> 1.0.0)
      websocket (~> 1.0.4)
    sinatra (1.4.4)
      rack (~> 1.4)
      rack-protection (~> 1.4)
      tilt (~> 1.3, >= 1.3.4)
    sinatra-contrib (1.4.1)
      backports (>= 2.0)
      multi_json
      rack-protection
      rack-test
      sinatra (~> 1.4.0)
      tilt (~> 1.3)
    thin (1.6.0)
      daemons (>= 1.0.9)
      eventmachine (>= 1.0.0)
      rack (>= 1.5.0)
    tilt (1.4.1)
    time-lord (1.0.1)
    websocket (1.0.7)
    xpath (0.1.4)
      nokogiri (~> 1.3)

PLATFORMS
  ruby

DEPENDENCIES
  bson_ext
  capybara (~> 1.1.2)
  database_cleaner (~> 0.6.7)
  fabrication (~> 1.2.0)
  lotus!
  lotus-i18n!
  lotus-mongodb!
  minitest (~> 2.12.1)
  mongo_mapper
  propeller!
  rack-lotus!
  rack-test (~> 0.6.1)
  redfinger!
  sinatra (~> 1.4.2)
  sinatra-contrib
  thin
