GIT
  remote: git://github.com/hotsh/nelumba-i18n.git
  revision: b35844357dc15082392620905b9f1485c4853f6e
  specs:
    nelumba-i18n (0.0.2)
      i18n

GIT
  remote: git://github.com/hotsh/nelumba-mongodb.git
  revision: 121d038808690e1815c71f0138af750bc6a6c407
  specs:
    nelumba-mongodb (0.0.1)
      bcrypt-ruby
      bson_ext
      mongo_mapper
      redcarpet
      rmagick

GIT
  remote: git://github.com/hotsh/nelumba.git
  revision: f4a1def9483edccb48444dbbda769a164af700c6
  specs:
    nelumba (0.0.13)
      libxml-ruby (~> 2.6.0)
      nokogiri
      rsa
      ruby-hmac
      time-lord

GIT
  remote: git://github.com/hotsh/rack-nelumba.git
  revision: f98c0af3160a77f9825465e8d1ae15a1c0160155
  specs:
    rack-nelumba (0.0.1)
      bcrypt-ruby
      bson_ext
      haml
      mongo_mapper
      rmagick
      sinatra (> 1.0)
      tilt

GIT
  remote: git://github.com/hotsh/redfinger.git
  revision: b73861b87c7d0bd8d3669c49134a5d416f5ac9f3
  specs:
    redfinger (0.1.1)
      hashie
      nokogiri (>= 1.4.0)
      rest-client (>= 1.5.0)

GIT
  remote: git://github.com/wilkie/propeller.git
  revision: e46e50124c71db7fb495508476d4a4d530019410
  specs:
    propeller (0.0.1)
      git

GEM
  remote: https://rubygems.org/
  specs:
    activemodel (3.2.19)
      activesupport (= 3.2.19)
      builder (~> 3.0.0)
    activesupport (3.2.19)
      i18n (~> 0.6, >= 0.6.4)
      multi_json (~> 1.0)
    backports (3.6.3)
    bcrypt (3.1.7)
    bcrypt-ruby (3.1.5)
      bcrypt (>= 3.1.3)
    bson (1.11.1)
    bson_ext (1.11.1)
      bson (~> 1.11.1)
    builder (3.0.4)
    byebug (3.5.1)
      columnize (~> 0.8)
      debugger-linecache (~> 1.2)
      slop (~> 3.6)
    capybara (1.1.4)
      mime-types (>= 1.16)
      nokogiri (>= 1.3.3)
      rack (>= 1.0.0)
      rack-test (>= 0.5.4)
      selenium-webdriver (~> 2.0)
      xpath (~> 0.1.4)
    childprocess (0.5.5)
      ffi (~> 1.0, >= 1.0.11)
    chunky_png (1.3.1)
    coderay (1.1.0)
    columnize (0.8.9)
    compass (1.0.1)
      chunky_png (~> 1.2)
      compass-core (~> 1.0.1)
      compass-import-once (~> 1.0.5)
      rb-fsevent (>= 0.9.3)
      rb-inotify (>= 0.9)
      sass (>= 3.3.13, < 3.5)
    compass-core (1.0.1)
      multi_json (~> 1.0)
      sass (>= 3.3.0, < 3.5)
    compass-import-once (1.0.5)
      sass (>= 3.2, < 3.5)
    daemons (1.1.9)
    database_cleaner (0.6.7)
    debugger-linecache (1.2.0)
    eventmachine (1.0.3)
    fabrication (1.2.0)
    ffi (1.9.6)
    git (1.2.8)
    haml (4.0.5)
      tilt
    hashie (3.3.1)
    i18n (0.6.11)
    libxml-ruby (2.6.0)
    method_source (0.8.2)
    mime-types (2.4.2)
    mini_portile (0.6.0)
    minitest (2.12.1)
    mongo (1.11.1)
      bson (= 1.11.1)
    mongo_mapper (0.13.0)
      activemodel (>= 3.0.0)
      activesupport (>= 3.0)
      mongo (~> 1.8)
      plucky (~> 0.6.5)
    multi_json (1.10.1)
    netrc (0.8.0)
    nokogiri (1.6.3.1)
      mini_portile (= 0.6.0)
    plucky (0.6.6)
      mongo (~> 1.5)
    pry (0.10.1)
      coderay (~> 1.1.0)
      method_source (~> 0.8.1)
      slop (~> 3.4)
    rack (1.5.2)
    rack-protection (1.5.3)
      rack
    rack-test (0.6.2)
      rack (>= 1.0)
    rb-fsevent (0.9.4)
    rb-inotify (0.9.5)
      ffi (>= 0.5.0)
    redcarpet (3.2.0)
    rest-client (1.7.2)
      mime-types (>= 1.16, < 3.0)
      netrc (~> 0.7)
    rmagick (2.13.3)
    rsa (0.1.4)
    ruby-hmac (0.4.0)
    rubyzip (1.1.6)
    sass (3.4.5)
    selenium-webdriver (2.43.0)
      childprocess (~> 0.5)
      multi_json (~> 1.0)
      rubyzip (~> 1.0)
      websocket (~> 1.0)
    sinatra (1.4.5)
      rack (~> 1.4)
      rack-protection (~> 1.4)
      tilt (~> 1.3, >= 1.3.4)
    sinatra-contrib (1.4.2)
      backports (>= 2.0)
      multi_json
      rack-protection
      rack-test
      sinatra (~> 1.4.0)
      tilt (~> 1.3)
    slop (3.6.0)
    thin (1.6.3)
      daemons (~> 1.0, >= 1.0.9)
      eventmachine (~> 1.0)
      rack (~> 1.0)
    tilt (1.4.1)
    time-lord (1.0.1)
    websocket (1.2.1)
    xpath (0.1.4)
      nokogiri (~> 1.3)

PLATFORMS
  ruby

DEPENDENCIES
  bson_ext
  byebug
  capybara (~> 1.1.2)
  compass
  database_cleaner (~> 0.6.7)
  fabrication (~> 1.2.0)
  minitest (~> 2.12.1)
  mongo_mapper
  nelumba!
  nelumba-i18n!
  nelumba-mongodb!
  nokogiri
  propeller!
  pry
  rack-nelumba!
  rack-test (~> 0.6.1)
  redfinger!
  sass
  sinatra
  sinatra-contrib
  thin
